PATH
  remote: .
  specs:
    hash_with_dot_access (2.0.0)

GEM
  remote: https://rubygems.org/
  specs:
    rake (13.2.1)

PLATFORMS
  ruby

DEPENDENCIES
  bundler
  hash_with_dot_access!
  rake (~> 13.0)
